PATH
  remote: .
  specs:
    enumb (0.0.2)
      eigenclass (>= 1.1.1)
      mocha (>= 0.9.8)

GEM
  remote: http://rubygems.org/
  specs:
    activemodel (3.0.5)
      activesupport (= 3.0.5)
      builder (~> 2.1.2)
      i18n (~> 0.4)
    activerecord (3.0.5)
      activemodel (= 3.0.5)
      activesupport (= 3.0.5)
      arel (~> 2.0.2)
      tzinfo (~> 0.3.23)
    activesupport (3.0.5)
    arel (2.0.9)
    builder (2.1.2)
    eigenclass (1.1.1)
    i18n (0.5.0)
    mocha (0.9.12)
    tzinfo (0.3.25)

PLATFORMS
  ruby

DEPENDENCIES
  activerecord (>= 3.0.0)
  bundler (>= 1.0.0)
  enumb!
